PATH
  remote: ./gems/
  specs:
    nanoc-fuel (0.0.7)

GEM
  remote: http://production.cf.rubygems.org/
  specs:
    activesupport (3.2.1)
      i18n (~> 0.6)
      multi_json (~> 1.0)
    adsf (1.0.1)
      rack (>= 1.0.0)
    builder (3.0.0)
    coderay (1.0.5)
    cri (2.1.0)
    daemons (1.1.7)
    dalli (1.1.4)
    eventmachine (0.12.10)
    haml (3.1.4)
    i18n (0.6.0)
    mime-types (1.17.2)
    multi_json (1.0.4)
    nanoc (3.2.4)
      nanoc3 (>= 3.2.4)
    nanoc3 (3.2.4)
      cri (~> 2.0)
    nokogiri (1.5.0)
    rack (1.4.1)
    rack-cache (1.1)
      rack (>= 0.4)
    rack-contrib (1.1.0)
      rack (>= 0.9.1)
    rack-rewrite (1.2.1)
    rainpress (1.0)
    rake (0.9.2.2)
    rdiscount (1.6.8)
    thin (1.3.1)
      daemons (>= 1.0.9)
      eventmachine (>= 0.12.6)
      rack (>= 1.0.0)

PLATFORMS
  ruby

DEPENDENCIES
  activesupport
  adsf
  builder
  coderay
  cri
  dalli
  haml
  mime-types
  nanoc
  nanoc-fuel (= 0.0.7)!
  nokogiri
  rack
  rack-cache
  rack-contrib
  rack-rewrite
  rainpress
  rake
  rdiscount
  thin
