PATH
  remote: ./gems/
  specs:
    nanoc-fuel (0.0.7)

GEM
  remote: http://rubygems.org/
  specs:
    activesupport (3.1.0)
      multi_json (~> 1.0)
    adsf (1.0.1)
      rack (>= 1.0.0)
    builder (3.0.0)
    coderay (0.9.8)
    cri (2.0.2)
    daemons (1.1.4)
    eventmachine (0.12.10)
    haml (3.1.2)
    mime-types (1.16)
    multi_json (1.0.3)
    nanoc (3.2.1)
      nanoc3 (>= 3.2.1)
    nanoc3 (3.2.1)
      cri (~> 2.0)
    nokogiri (1.5.0)
    pandoc-ruby (0.4.1)
    rack (1.3.2)
    rack-contrib (1.1.0)
      rack (>= 0.9.1)
    rack-rewrite (1.1.0)
    rake (0.9.2)
    rdiscount (1.6.8)
    thin (1.2.11)
      daemons (>= 1.0.9)
      eventmachine (>= 0.12.6)
      rack (>= 1.0.0)

PLATFORMS
  ruby

DEPENDENCIES
  activesupport
  adsf
  builder
  coderay
  cri
  haml
  mime-types
  nanoc
  nanoc-fuel (= 0.0.7)!
  nokogiri
  pandoc-ruby
  rack
  rack-contrib
  rack-rewrite
  rake
  rdiscount
  thin
