PATH
  remote: ./gems/
  specs:
    nanoc-fuel (0.0.7)

GEM
  specs:
    activesupport (3.2.8)
      i18n (~> 0.6)
      multi_json (~> 1.0)
    adsf (1.1.1)
      rack (>= 1.0.0)
    builder (3.1.4)
    coderay (1.0.8)
    colored (1.2)
    cri (2.3.0)
      colored (>= 1.2)
    daemons (1.1.9)
    dalli (2.3.0)
    eventmachine (1.0.0)
    git (1.2.5)
    haml (3.1.7)
    i18n (0.6.1)
    mime-types (1.19)
    multi_json (1.3.7)
    nanoc (3.4.2)
      cri (~> 2.2)
    nanoc-git (0.0.7)
      git (>= 1.2.5)
      nanoc (>= 3.1.6)
    nokogiri (1.5.5)
    plist (3.1.0)
    rack (1.4.1)
    rainpress (1.0)
    rake (0.9.2.2)
    rdiscount (1.6.8)
    rubypants (0.2.0)
    textpow (1.3.0)
      plist (>= 3.0.1)
    thin (1.5.0)
      daemons (>= 1.0.9)
      eventmachine (>= 0.12.6)
      rack (>= 1.0.0)
    typogruby (1.0.15)
      rubypants
    ultraviolet (1.0.0)
      textpow (>= 1.3.0)

PLATFORMS
  ruby

DEPENDENCIES
  activesupport
  adsf
  builder
  coderay
  cri
  dalli
  haml
  mime-types
  nanoc
  nanoc-fuel (= 0.0.7)!
  nanoc-git
  nokogiri
  rainpress
  rake
  rdiscount
  thin
  typogruby
  ultraviolet
